GEM
  remote: http://rubygems.org/
  specs:
    abstract (1.0.0)
    actionmailer (3.1.12)
      actionpack (= 3.1.12)
      mail (~> 2.4.4)
    actionpack (3.1.12)
      activemodel (= 3.1.12)
      activesupport (= 3.1.12)
      builder (~> 3.0.0)
      erubis (~> 2.7.0)
      i18n (~> 0.6)
      rack (~> 1.3.6)
      rack-cache (~> 1.2)
      rack-mount (~> 0.8.2)
      rack-test (~> 0.6.1)
      sprockets (~> 2.0.4)
    activemodel (3.1.12)
      activesupport (= 3.1.12)
      builder (~> 3.0.0)
      i18n (~> 0.6)
    activerecord (3.1.12)
      activemodel (= 3.1.12)
      activesupport (= 3.1.12)
      arel (~> 2.2.3)
      tzinfo (~> 0.3.29)
    activeresource (3.1.12)
      activemodel (= 3.1.12)
      activesupport (= 3.1.12)
    activesupport (3.1.12)
      multi_json (~> 1.0)
    arel (2.2.3)
    builder (3.0.4)
    chartkick (1.3.2)
    coffee-rails (3.1.1)
      coffee-script (>= 2.2.0)
      railties (~> 3.1.0)
    coffee-script (2.4.1)
      coffee-script-source
      execjs
    coffee-script-source (1.9.1.1)
    daemon_controller (1.2.0)
    erubis (2.7.0)
    execjs (2.5.2)
    groupdate (2.4.0)
      activesupport (>= 3)
    hike (1.2.3)
    htmlentities (4.3.3)
    i18n (0.7.0)
    jquery-rails (3.1.2)
      railties (>= 3.0, < 5.0)
      thor (>= 0.14, < 2.0)
    jquery-ui-rails (4.1.2)
      railties (>= 3.1.0)
    json (1.8.1)
    mail (2.4.4)
      i18n (>= 0.4.0)
      mime-types (~> 1.16)
      treetop (~> 1.4.8)
    mime-types (1.25.1)
    mini_portile (0.6.2)
    multi_json (1.11.0)
    mysql2 (0.3.18)
    newrelic_rpm (3.12.1.298)
    nokogiri (1.6.6.2)
      mini_portile (~> 0.6.0)
    passenger (4.0.46)
      daemon_controller (>= 1.2.0)
      rack
      rake (>= 0.8.1)
    polyglot (0.3.4)
    pony (1.11)
      mail (>= 2.0)
    rack (1.3.10)
    rack-cache (1.2)
      rack (>= 0.4)
    rack-mount (0.8.2)
      rack (>= 1.0.0)
    rack-ssl (1.3.4)
      rack
    rack-test (0.6.3)
      rack (>= 1.0)
    rails (3.1.12)
      actionmailer (= 3.1.12)
      actionpack (= 3.1.12)
      activerecord (= 3.1.12)
      activeresource (= 3.1.12)
      activesupport (= 3.1.12)
      bundler (~> 1.0)
      railties (= 3.1.12)
    railties (3.1.12)
      actionpack (= 3.1.12)
      activesupport (= 3.1.12)
      rack-ssl (~> 1.3.2)
      rake (>= 0.8.7)
      rdoc (~> 3.4)
      thor (~> 0.14.6)
    rake (10.3.2)
    rdoc (3.12.2)
      json (~> 1.4)
    sass (3.4.13)
    sass-rails (3.1.7)
      actionpack (~> 3.1.0)
      railties (~> 3.1.0)
      sass (>= 3.1.10)
      tilt (~> 1.3.2)
    sms_fu (1.1.2)
    sprockets (2.0.5)
      hike (~> 1.2)
      rack (~> 1.0)
      tilt (~> 1.1, != 1.3.0)
    thor (0.14.6)
    tilt (1.3.7)
    treetop (1.4.15)
      polyglot
      polyglot (>= 0.3.1)
    tzinfo (0.3.39)
    uglifier (2.7.1)
      execjs (>= 0.3.0)
      json (>= 1.8.0)

PLATFORMS
  ruby

DEPENDENCIES
  abstract (= 1.0.0)
  actionmailer (= 3.1.12)
  actionpack (= 3.1.12)
  activemodel
  activerecord (= 3.1.12)
  activeresource (= 3.1.12)
  activesupport (= 3.1.12)
  arel (= 2.2.3)
  builder (~> 3.0.0)
  bundler (= 1.9.5)
  chartkick
  coffee-rails (~> 3.1.1)
  daemon_controller (= 1.2.0)
  erubis (~> 2.7.0)
  groupdate
  htmlentities (~> 4.3.3)
  i18n (~> 0.6)
  jquery-rails
  jquery-ui-rails
  json (= 1.8.1)
  mail (~> 2.4.4)
  mime-types (= 1.25.1)
  mysql2
  newrelic_rpm
  nokogiri
  passenger (= 4.0.46)
  polyglot (= 0.3.4)
  pony
  rack (~> 1.3.6)
  rack-mount (= 0.8.2)
  rack-test (~> 0.6.1)
  rails (= 3.1.12)
  railties (= 3.1.12)
  rake (= 10.3.2)
  rdoc (= 3.12.2)
  sass-rails (~> 3.1.7)
  sms_fu
  thor (= 0.14.6)
  treetop (= 1.4.15)
  tzinfo (= 0.3.39)
  uglifier (>= 1.0.3)
